GIT
  remote: git://github.com/capistrano/rails.git
  revision: 705e79d460db742ecb787697ee9e7d870ed1ec7e
  ref: 705e79d460db742ecb787697ee9e7d870ed1ec7e
  specs:
    capistrano-rails (1.1.6)
      capistrano (~> 3.1)
      capistrano-bundler (~> 1.1)

GEM
  remote: https://rubygems.org/
  specs:
    capistrano (3.4.1)
      i18n
      rake (>= 10.0.0)
      sshkit (~> 1.3)
    capistrano-bower (1.1.0)
      capistrano (~> 3.0)
    capistrano-bundler (1.1.4)
      capistrano (~> 3.1)
      sshkit (~> 1.2)
    capistrano-multiconfig (3.0.10)
      capistrano (>= 3.0.0)
    capistrano-npm (1.0.2)
      capistrano (>= 3.0.0)
    capistrano-rbenv (2.0.4)
      capistrano (~> 3.1)
      sshkit (~> 1.3)
    capistrano3-delayed-job (1.4.0)
      capistrano (>= 3.0.0)
    chronic (0.10.2)
    chunky_png (1.3.7)
    colorize (0.8.1)
    compass (1.0.3)
      chunky_png (~> 1.2)
      compass-core (~> 1.0.2)
      compass-import-once (~> 1.0.5)
      rb-fsevent (>= 0.9.3)
      rb-inotify (>= 0.9)
      sass (>= 3.3.13, < 3.5)
    compass-core (1.0.3)
      multi_json (~> 1.0)
      sass (>= 3.3.0, < 3.5)
    compass-import-once (1.0.5)
      sass (>= 3.2, < 3.5)
    ffi (1.9.10)
    i18n (0.7.0)
    multi_json (1.12.1)
    net-scp (1.2.1)
      net-ssh (>= 2.6.5)
    net-ssh (2.9.4)
    rake (11.3.0)
    rb-fsevent (0.9.8)
    rb-inotify (0.9.5)
      ffi (>= 0.5.0)
    sass (3.4.22)
    sshkit (1.7.1)
      colorize (>= 0.7.0)
      net-scp (>= 1.1.2)
      net-ssh (>= 2.8.0)
    whenever (0.9.7)
      chronic (>= 0.6.3)

PLATFORMS
  ruby

DEPENDENCIES
  capistrano
  capistrano-bower
  capistrano-bundler (~> 1.1.2)
  capistrano-multiconfig (~> 3.0)
  capistrano-npm
  capistrano-rails!
  capistrano-rbenv (~> 2.0)
  capistrano3-delayed-job (= 1.4.0)
  compass (= 1.0.3)
  ffi (= 1.9.10)
  net-ssh (< 3)
  rb-inotify (= 0.9.5)
  sass
  sshkit (= 1.7.1)
  whenever

BUNDLED WITH
   1.10.6
